GEM
  remote: https://rubygems.org/
  specs:
    execjs (1.4.0)
      multi_json (~> 1.0)
    json (1.7.7)
    libv8 (3.3.10.4)
    multi_json (1.3.6)
    therubyracer (0.10.1)
      libv8 (~> 3.3.10)
    uglifier (1.2.5)
      execjs (>= 0.3.0)
      multi_json (~> 1.3)

PLATFORMS
  ruby

DEPENDENCIES
  bundler
  json
  therubyracer
  uglifier
