GEM
  remote: https://rubygems.org/
  specs:
    execjs (2.8.1)
    json (1.7.3)
    libv8 (3.3.10.4)
    therubyracer (0.10.1)
      libv8 (~> 3.3.10)
    uglifier (4.2.0)
      execjs (>= 0.3.0, < 3)

PLATFORMS
  ruby

DEPENDENCIES
  bundler
  json
  therubyracer
  uglifier
